GEM
  remote: https://rubygems.org/
  specs:
    ast (2.4.0)
    childprocess (0.9.0)
      ffi (~> 1.0, >= 1.0.11)
    coderay (1.1.2)
    dotenv (2.5.0)
    ffi (1.9.25)
    jaro_winkler (1.5.1)
    method_source (0.9.2)
    mini_portile2 (2.3.0)
    nokogiri (1.8.5)
      mini_portile2 (~> 2.3.0)
    parallel (1.12.1)
    parser (2.5.3.0)
      ast (~> 2.4.0)
    powerpack (0.1.2)
    pry (0.12.2)
      coderay (~> 1.1.0)
      method_source (~> 0.9.0)
    rainbow (3.0.0)
    regexp_parser (1.3.0)
    rubocop (0.61.1)
      jaro_winkler (~> 1.5.1)
      parallel (~> 1.10)
      parser (>= 2.5, != 2.5.1.1)
      powerpack (~> 0.1)
      rainbow (>= 2.2.2, < 4.0)
      ruby-progressbar (~> 1.7)
      unicode-display_width (~> 1.4.0)
    ruby-progressbar (1.10.0)
    rubyzip (1.2.2)
    selenium-webdriver (3.141.0)
      childprocess (~> 0.5)
      rubyzip (~> 1.2, >= 1.2.2)
    unicode-display_width (1.4.0)
    watir (6.15.1)
      regexp_parser (~> 1.2)
      selenium-webdriver (~> 3.4, >= 3.4.1)

PLATFORMS
  ruby

DEPENDENCIES
  dotenv
  nokogiri
  pry
  rubocop
  watir

RUBY VERSION
   ruby 2.5.3p105

BUNDLED WITH
   1.17.1
